GEM
  remote: https://rubygems.org/
  specs:
    backports (3.6.4)
    coffee-script (2.3.0)
      coffee-script-source
      execjs
    coffee-script-source (1.8.0)
    execjs (2.2.2)
    faraday (0.9.0)
      multipart-post (>= 1.2, < 3)
    faraday_middleware (0.9.1)
      faraday (>= 0.7.4, < 0.10)
    multi_json (1.10.1)
    multipart-post (2.0.0)
    nokogiri (1.6.4.1-java)
    puma (2.9.2-java)
      rack (>= 1.1, < 2.0)
    rack (1.5.2)
    rack-protection (1.5.3)
      rack
    rack-test (0.6.2)
      rack (>= 1.0)
    sass (3.4.8)
    sinatra (1.4.5)
      rack (~> 1.4)
      rack-protection (~> 1.4)
      tilt (~> 1.3, >= 1.3.4)
    sinatra-contrib (1.4.2)
      backports (>= 2.0)
      multi_json
      rack-protection
      rack-test
      sinatra (~> 1.4.0)
      tilt (~> 1.3)
    slim (2.1.0)
      temple (~> 0.6.9)
      tilt (>= 1.3.3, < 2.1)
    temple (0.6.10)
    tilt (1.4.1)

PLATFORMS
  java

DEPENDENCIES
  coffee-script
  faraday
  faraday_middleware
  nokogiri
  puma
  sass
  sinatra (~> 1.4.5)
  sinatra-contrib
  slim
